GEM
  remote: https://rubygems.org/
  specs:
    httmultiparty (0.3.16)
      httparty (>= 0.7.3)
      mimemagic
      multipart-post
    httparty (0.13.7)
      json (~> 1.8)
      multi_xml (>= 0.5.2)
    json (1.8.3)
    mimemagic (0.3.1)
    multi_json (1.12.1)
    multi_xml (0.5.5)
    multipart-post (2.0.0)
    strava-api-v3 (0.6.0)
      httmultiparty
      multi_json

PLATFORMS
  ruby
  x64-mingw32

DEPENDENCIES
  strava-api-v3

BUNDLED WITH
   1.13.1
